GEM
  remote: https://rubygems.org/
  specs:
    coderay (1.1.3)
    csv (3.2.6)
    method_source (1.0.0)
    pry (0.14.2)
      coderay (~> 1.1)
      method_source (~> 1.0)
    pry-rails (0.3.9)
      pry (>= 0.10.4)

PLATFORMS
  x86_64-linux

DEPENDENCIES
  csv
  pry-rails

BUNDLED WITH
   2.4.12
